GEM
  remote: https://rubygems.org/
  specs:
    edg_codebreaker (0.1.0)
    rack (2.0.3)
    rake (12.0.0)
    shotgun (0.9.2)
      rack (>= 1.0)

PLATFORMS
  ruby

DEPENDENCIES
  edg_codebreaker
  rack
  rake
  shotgun

BUNDLED WITH
   1.13.6
